GEM
  specs:

PLATFORMS
  x86_64-linux-musl

DEPENDENCIES

BUNDLED WITH
   2.2.9
